GIT
  remote: git://github.com/fd/cache-money.git
  revision: bb27748e38715c366bb8c603cacfb445293297a7
  specs:
    fd-cache-money (0.2.11)
      memcache-client (>= 1.5.0)

PATH
  remote: /Users/Simon/Projects
  specs:
    lalala_core (2.6.43)
      authlogic (= 2.1.3)
      bertrpc (= 1.3.0)
      campaigning (= 0.15.0)
      fd-cache-money (~> 0.2)
      garb (= 0.7.4)
      memcache-client (= 1.8.5)
      paperclip (= 2.3.1.1)
      simonmenke-globalize2
      will_paginate (= 2.3.12)
    lalala_pages (1.0.16)
      lalala_core (~> 2.0)

GEM
  remote: http://rubygems.org/
  specs:
    activesupport (3.0.3)
    authlogic (2.1.3)
      activesupport
    bert (1.1.2)
    bertrpc (1.3.0)
      bert (>= 1.1.0, < 2.0.0)
    campaigning (0.15.0)
      soap4r (~> 1.5.0)
    crack (0.1.8)
    garb (0.7.4)
      activesupport (>= 2.2.0)
      crack (>= 0.1.6)
    httpclient (2.1.6.1)
    memcache-client (1.8.5)
    paperclip (2.3.1.1)
    simonmenke-globalize2 (0.0.7)
    soap4r (1.5.8)
      httpclient (>= 2.1.1)
    will_paginate (2.3.12)

PLATFORMS
  ruby

DEPENDENCIES
  fd-cache-money!
  lalala_core
  lalala_pages
